GEM
  remote: https://rubygems.org/
  specs:
    rack (1.6.8)
    rack-cors (0.4.1)

PLATFORMS
  ruby

DEPENDENCIES
  rack (~> 1.6, >= 1.6.4)
  rack-cors (~> 0.4.0)

BUNDLED WITH
   1.11.2
